RESTRICTION: >= net452
NUGET
  remote: https://www.nuget.org/api/v2
    Argu (3.2)
    FSharp.Core (4.3.4)
    SharpYaml (1.6.2)
    System.ValueTuple (4.3)
