FRAMEWORK: >= NET452
NUGET
  remote: https://www.nuget.org/api/v2
    Argu (3.2)
    System.ValueTuple (4.3)
    YamlDotNet (4.1)
