FRAMEWORK: >= NET452
NUGET
  remote: https://www.nuget.org/api/v2
    Argu (3.2)
    FSharp.Configuration (0.6.4)
    System.ValueTuple (4.3)
